GEM
  remote: https://rubygems.org/
  specs:
    color (1.5.1)
    em-zeromq (0.4.2)
      eventmachine (>= 1.0.0)
      ffi (>= 1.0.0)
      ffi-rzmq (~> 1.0.1)
    eventmachine (1.0.3)
    ffi (1.9.3)
    ffi-rzmq (1.0.3)
      ffi
    msgpack (0.5.8)
    serialport (1.3.0)

PLATFORMS
  ruby

DEPENDENCIES
  color
  em-zeromq
  msgpack
  serialport
